GEM
  remote: https://rubygems.org/
  specs:
    redcarpet (3.6.0)

PLATFORMS
  arm64-darwin-22

DEPENDENCIES
  redcarpet (~> 3.6)

BUNDLED WITH
   2.4.13
